GEM
  remote: https://rubygems.org/
  specs:
    binding_of_caller (0.7.2)
      debug_inspector (>= 0.0.1)
    byebug (9.1.0)
    coderay (1.1.2)
    debug_inspector (0.0.3)
    dotenv (2.2.1)
    method_source (0.9.0)
    pry (0.11.1)
      coderay (~> 1.1.0)
      method_source (~> 0.9.0)
    pry-byebug (3.5.0)
      byebug (~> 9.1)
      pry (~> 0.10)
    pry-doc (0.11.1)
      pry (~> 0.9)
      yard (~> 0.9)
    pry-rails (0.3.6)
      pry (>= 0.10.4)
    pry-stack_explorer (0.4.9.2)
      binding_of_caller (>= 0.7)
      pry (>= 0.9.11)
    yard (0.9.9)

PLATFORMS
  ruby

DEPENDENCIES
  dotenv
  pry-byebug
  pry-doc
  pry-rails
  pry-stack_explorer

BUNDLED WITH
   1.15.4
