GEM
  remote: https://rubygems.org/
  specs:
    addressable (2.5.2)
      public_suffix (>= 2.0.2, < 4.0)
    coderay (1.1.1)
    faraday (0.13.1)
      multipart-post (>= 1.2, < 3)
    json (2.1.0)
    koala (3.0.0)
      addressable
      faraday
      json (>= 1.8)
    method_source (0.8.2)
    multipart-post (2.0.0)
    pdf-core (0.7.0)
    prawn (2.2.2)
      pdf-core (~> 0.7.0)
      ttfunk (~> 1.5)
    pry (0.10.4)
      coderay (~> 1.1.0)
      method_source (~> 0.8.1)
      slop (~> 3.4)
    public_suffix (3.0.1)
    slop (3.6.0)
    ttfunk (1.5.1)

PLATFORMS
  ruby

DEPENDENCIES
  faraday
  koala
  prawn
  pry

BUNDLED WITH
   1.15.4
