GEM
  remote: https://rubygems.org/
  specs:
    coderay (1.1.2)
    diffy (3.2.0)
    dotenv (2.2.1)
    method_source (0.9.0)
    mysql2 (0.4.10)
    pry (0.11.3)
      coderay (~> 1.1.0)
      method_source (~> 0.9.0)
    ruby-ole (1.2.12.1)
    spreadsheet (1.1.5)
      ruby-ole (>= 1.0)

PLATFORMS
  ruby

DEPENDENCIES
  diffy
  dotenv
  mysql2
  pry
  spreadsheet

BUNDLED WITH
   1.15.4
